GEM
  remote: https://rubygems.org/
  specs:
    CFPropertyList (2.2.8)
    artii (2.1.1)
    awesome_print (1.6.1)
    configatron (3.2.0)
    deep_merge (1.0.1)
    diff-lcs (1.2.5)
    diffy (3.0.7)
    facter (2.4.4)
      CFPropertyList (~> 2.2.6)
    falkorlib (0.6.2)
      artii (>= 2.1)
      awesome_print (~> 1.2)
      configatron (~> 3.2)
      deep_merge (~> 1.0.1)
      diffy (>= 3.0)
      facter (~> 2.4.1)
      git_remote_branch (~> 0)
      json (~> 1.8)
      license-generator (~> 0)
      logger (>= 1.2.8)
      minigit (~> 0)
      rake (~> 10.1, >= 10.1.0)
      term-ansicolor (~> 1.3)
      thor (>= 0.19)
    git_remote_branch (0.3.8)
    hiera (3.0.1)
      json_pure
    json (1.8.3)
    json_pure (1.8.2)
    license-generator (0.4.1)
      thor
    logger (1.2.8)
    minigit (0.0.4)
    puppet (4.2.2)
      facter (> 2.0, < 4)
      hiera (>= 2.0, < 4)
      json_pure
    puppet-lint (1.1.0)
    puppet-syntax (2.0.0)
      rake
    rake (10.4.2)
    rspec (3.3.0)
      rspec-core (~> 3.3.0)
      rspec-expectations (~> 3.3.0)
      rspec-mocks (~> 3.3.0)
    rspec-core (3.3.2)
      rspec-support (~> 3.3.0)
    rspec-expectations (3.3.1)
      diff-lcs (>= 1.2.0, < 2.0)
      rspec-support (~> 3.3.0)
    rspec-mocks (3.3.2)
      diff-lcs (>= 1.2.0, < 2.0)
      rspec-support (~> 3.3.0)
    rspec-puppet (2.2.0)
      rspec
    rspec-support (3.3.0)
    term-ansicolor (1.3.2)
      tins (~> 1.0)
    thor (0.19.1)
    tins (1.6.0)

PLATFORMS
  ruby

DEPENDENCIES
  facter (>= 1.7.0)
  falkorlib
  puppet (>= 3.3)
  puppet-lint (>= 0.3.2)
  puppet-syntax
  rspec-puppet
